GEM
  remote: https://rubygems.org/
  specs:
    celluloid (0.15.2)
      timers (~> 1.1.0)
    celluloid-io (0.15.0)
      celluloid (>= 0.15.0)
      nio4r (>= 0.5.0)
    coderay (1.1.0)
    connection_pool (2.0.0)
    ffi (1.9.3-java)
    instrumental_agent (0.12.5)
    method_source (0.8.2)
    nio4r (1.0.0)
    nio4r (1.0.0-java)
    pry (0.9.12.6)
      coderay (~> 1.0)
      method_source (~> 0.8)
      slop (~> 3.4)
    pry (0.9.12.6-java)
      coderay (~> 1.0)
      method_source (~> 0.8)
      slop (~> 3.4)
      spoon (~> 0.0)
    slop (3.5.0)
    spoon (0.0.4)
      ffi
    timers (1.1.0)

PLATFORMS
  java
  ruby

DEPENDENCIES
  celluloid
  celluloid-io
  connection_pool (~> 2.0.0)
  instrumental_agent
  pry
